GEM
  remote: http://rubygems.org/
  specs:
    activesupport (7.1.3.2)
      base64
      bigdecimal
      concurrent-ruby (~> 1.0, >= 1.0.2)
      connection_pool (>= 2.2.5)
      drb
      i18n (>= 1.6, < 2)
      minitest (>= 5.1)
      mutex_m
      tzinfo (~> 2.0)
    ast (2.4.2)
    backports (3.25.0)
    base64 (0.2.0)
    bigdecimal (3.1.8-java)
    bridge (0.2.0)
    builder (3.2.4)
    childprocess (4.1.0)
    concurrent-ruby (1.2.3)
    connection_pool (2.4.1)
    cucumber (3.1.2)
      builder (>= 2.1.2)
      cucumber-core (~> 3.2.0)
      cucumber-expressions (~> 6.0.1)
      cucumber-wire (~> 0.0.1)
      diff-lcs (~> 1.3)
      gherkin (~> 5.1.0)
      multi_json (>= 1.7.5, < 2.0)
      multi_test (>= 0.1.2)
    cucumber-core (3.2.1)
      backports (>= 3.8.0)
      cucumber-tag_expressions (~> 1.1.0)
      gherkin (~> 5.0)
    cucumber-expressions (6.0.1)
    cucumber-tag_expressions (1.1.1)
    cucumber-wire (0.0.1)
    data_magic (1.2)
      faker (>= 1.1.2)
      yml_reader (>= 0.6)
    diff-lcs (1.5.1)
    drb (2.2.1)
    faker (3.3.1)
      i18n (>= 1.8.11, < 2)
    ffi (1.16.3-java)
    fileutils (1.6.0)
    foo (0.0.2)
      activesupport
    gherkin (5.1.0)
    i18n (1.14.5)
      concurrent-ruby (~> 1.0)
    jruby-win32ole (0.8.5)
    json (2.7.2-java)
    language_server-protocol (3.17.0.3)
    minitest (5.22.3)
    multi_json (1.15.0)
    multi_test (1.1.0)
    mutex_m (0.2.0)
    nkf (0.2.0-java)
    nokogiri (1.16.5-java)
      racc (~> 1.4)
    page-object (2.3.1)
      page_navigation (>= 0.10)
      watir (>= 6.10.3)
    page_navigation (0.10)
      data_magic (>= 0.22)
    parallel (1.24.0)
    parser (3.3.1.0)
      ast (~> 2.4.1)
      racc
    racc (1.7.3-java)
    rainbow (3.1.1)
    rake (13.2.1)
    regexp_parser (2.9.1)
    require_all (3.0.0)
    rexml (3.2.6)
    roo (2.10.1)
      nokogiri (~> 1)
      rubyzip (>= 1.3.0, < 3.0.0)
    roo-xls (1.2.0)
      nokogiri
      roo (>= 2.0.0, < 3)
      spreadsheet (> 0.9.0)
    rspec (3.13.0)
      rspec-core (~> 3.13.0)
      rspec-expectations (~> 3.13.0)
      rspec-mocks (~> 3.13.0)
    rspec-core (3.13.0)
      rspec-support (~> 3.13.0)
    rspec-expectations (3.13.0)
      diff-lcs (>= 1.2.0, < 2.0)
      rspec-support (~> 3.13.0)
    rspec-mocks (3.13.1)
      diff-lcs (>= 1.2.0, < 2.0)
      rspec-support (~> 3.13.0)
    rspec-support (3.13.1)
    rubocop (1.63.5)
      json (~> 2.3)
      language_server-protocol (>= 3.17.0)
      parallel (~> 1.10)
      parser (>= 3.3.0.2)
      rainbow (>= 2.2.2, < 4.0)
      regexp_parser (>= 1.8, < 3.0)
      rexml (>= 3.2.5, < 4.0)
      rubocop-ast (>= 1.31.1, < 2.0)
      ruby-progressbar (~> 1.7)
      unicode-display_width (>= 2.4.0, < 3.0)
    rubocop-ast (1.31.3)
      parser (>= 3.3.1.0)
    ruby-ole (1.2.13.1)
    ruby-progressbar (1.13.0)
    rubyXL (3.4.27)
      nokogiri (>= 1.10.8)
      rubyzip (>= 1.3.0)
    rubyzip (2.3.2)
    selenium-webdriver (4.1.0)
      childprocess (>= 0.5, < 5.0)
      rexml (~> 3.2, >= 3.2.5)
      rubyzip (>= 1.2.2)
    spreadsheet (1.3.1)
      bigdecimal
      ruby-ole
    time (0.1.0)
    tzinfo (2.0.6)
      concurrent-ruby (~> 1.0)
    unicode-display_width (2.5.0)
    watir (7.1.0)
      regexp_parser (>= 1.2, < 3)
      selenium-webdriver (~> 4.0)
    write_xlsx (1.12.1)
      nkf
      rubyzip (>= 1.0.0)
    yml_reader (0.7)

PLATFORMS
  universal-java-17

DEPENDENCIES
  activesupport
  bridge
  cucumber (= 3.1.2)
  ffi
  fileutils
  foo
  jruby-win32ole
  json
  nokogiri
  page-object
  rake
  require_all
  roo
  roo-xls
  rspec
  rubocop
  rubyXL
  selenium-webdriver (= 4.1.0)
  spreadsheet
  time
  watir
  write_xlsx

BUNDLED WITH
   2.3.25
